GEM
  remote: http://rubygems.org/
  specs:
    doodle (0.2.3)
    metaclass (0.0.1)
    mocha (0.10.0)
      metaclass (~> 0.0.1)
    rack (1.3.5)
    rack-protection (1.1.4)
      rack
    rake (0.8.7)
    rcov (0.9.11)
    shotgun (0.9)
      rack (>= 1.0)
    sinatra (1.3.1)
      rack (~> 1.3, >= 1.3.4)
      rack-protection (~> 1.1, >= 1.1.2)
      tilt (~> 1.3, >= 1.3.3)
    tilt (1.3.3)

PLATFORMS
  ruby

DEPENDENCIES
  doodle
  mocha
  rake
  rcov
  shotgun
  sinatra
